PATH
  remote: .
  specs:
    neo4j (1.0.0.beta.17)
      activemodel (>= 3.0.0)
      railties (>= 3.0.0)

GEM
  remote: http://rubygems.org/
  specs:
    abstract (1.0.0)
    actionpack (3.0.1)
      activemodel (= 3.0.1)
      activesupport (= 3.0.1)
      builder (~> 2.1.2)
      erubis (~> 2.6.6)
      i18n (~> 0.4.1)
      rack (~> 1.2.1)
      rack-mount (~> 0.6.12)
      rack-test (~> 0.5.4)
      tzinfo (~> 0.3.23)
    activemodel (3.0.1)
      activesupport (= 3.0.1)
      builder (~> 2.1.2)
      i18n (~> 0.4.1)
    activesupport (3.0.1)
    builder (2.1.2)
    diff-lcs (1.1.2)
    erubis (2.6.6)
      abstract (>= 1.0.0)
    horo (1.0.2)
      rdoc (~> 2.5)
    i18n (0.4.2)
    rack (1.2.1)
    rack-mount (0.6.13)
      rack (>= 1.0.0)
    rack-test (0.5.6)
      rack (>= 1.0)
    railties (3.0.1)
      actionpack (= 3.0.1)
      activesupport (= 3.0.1)
      rake (>= 0.8.4)
      thor (~> 0.14.0)
    rake (0.8.7)
    rdoc (2.5.11)
    rspec (2.0.1)
      rspec-core (~> 2.0.1)
      rspec-expectations (~> 2.0.1)
      rspec-mocks (~> 2.0.1)
    rspec-apigen (0.0.4)
      rspec (>= 2.0.0.beta.20)
    rspec-core (2.0.1)
    rspec-expectations (2.0.1)
      diff-lcs (>= 1.1.2)
    rspec-mocks (2.0.1)
      rspec-core (~> 2.0.1)
      rspec-expectations (~> 2.0.1)
    rspec-rails-matchers (0.2.1)
    ruby-debug-base (0.10.3.2-java)
    ruby-debug-ide (0.4.10)
      rake (>= 0.8.1)
    test-unit (2.1.1)
    thor (0.14.3)
    tzinfo (0.3.23)

PLATFORMS
  java

DEPENDENCIES
  activemodel (>= 3.0.0)
  horo (>= 1.0.2)
  neo4j!
  railties (>= 3.0.0)
  rake (>= 0.8.7)
  rdoc (>= 2.5.10)
  rspec (>= 2.0.0)
  rspec-apigen (>= 0.0.4)
  rspec-rails-matchers (>= 0.2.1)
  ruby-debug-base
  ruby-debug-ide
  test-unit
